PATH
  remote: .
  specs:
    prohelp (0.1.0)
      grpc

GEM
  remote: https://rubygems.org/
  specs:
    diff-lcs (1.3)
    google-protobuf (3.9.1-universal-darwin)
    googleapis-common-protos-types (1.0.4)
      google-protobuf (~> 3.0)
    grpc (1.23.0-universal-darwin)
      google-protobuf (~> 3.8)
      googleapis-common-protos-types (~> 1.0)
    rake (10.4.2)
    rspec (3.6.0)
      rspec-core (~> 3.6.0)
      rspec-expectations (~> 3.6.0)
      rspec-mocks (~> 3.6.0)
    rspec-core (3.6.0)
      rspec-support (~> 3.6.0)
    rspec-expectations (3.6.0)
      diff-lcs (>= 1.2.0, < 2.0)
      rspec-support (~> 3.6.0)
    rspec-mocks (3.6.0)
      diff-lcs (>= 1.2.0, < 2.0)
      rspec-support (~> 3.6.0)
    rspec-support (3.6.0)

PLATFORMS
  ruby

DEPENDENCIES
  bundler (~> 2.0)
  prohelp!
  rake (~> 10.0)
  rspec (~> 3.0)

BUNDLED WITH
   2.0.2
